GEM
  remote: http://rubygems.org/
  specs:
    activesupport (3.0.0)
    curb (0.7.8)
    diff-lcs (1.1.2)
    json (1.4.6)
    nokogiri (1.4.3.1)
    rake (0.8.7)
    rdiscount (1.6.5)
    rdoc (2.4.3)
    rspec (2.0.0.rc)
      rspec-core (= 2.0.0.rc)
      rspec-expectations (= 2.0.0.rc)
      rspec-mocks (= 2.0.0.rc)
    rspec-core (2.0.0.rc)
    rspec-expectations (2.0.0.rc)
      diff-lcs (>= 1.1.2)
    rspec-mocks (2.0.0.rc)
      rspec-core (= 2.0.0.rc)
      rspec-expectations (= 2.0.0.rc)
    sdoc (0.2.20)
      json (>= 1.1.3)
      rdoc (= 2.4.3)
    sdoc-helpers (0.1.4)
      sdoc (~> 0.2)
    throttler (0.2.1)

PLATFORMS
  ruby

DEPENDENCIES
  activesupport (= 3.0.0)
  bundler
  curb
  nokogiri
  rake
  rdiscount
  rspec (~> 2.0.0.rc)
  sdoc-helpers
  throttler
