GEM
  remote: http://rubygems.org/
  specs:
    curb (0.7.8)
    diff-lcs (1.1.2)
    gemcutter (0.6.1)
    git (1.2.5)
    jeweler (1.4.0)
      gemcutter (>= 0.1.0)
      git (>= 1.2.5)
      rubyforge (>= 2.0.0)
    json (1.4.6)
    json_pure (1.4.6)
    nokogiri (1.4.3.1)
    rake (0.8.7)
    rdiscount (1.6.5)
    rdoc (2.4.3)
    rspec (2.0.0.beta.22)
      rspec-core (= 2.0.0.beta.22)
      rspec-expectations (= 2.0.0.beta.22)
      rspec-mocks (= 2.0.0.beta.22)
    rspec-core (2.0.0.beta.22)
    rspec-expectations (2.0.0.beta.22)
      diff-lcs (>= 1.1.2)
    rspec-mocks (2.0.0.beta.22)
      rspec-core (= 2.0.0.beta.22)
      rspec-expectations (= 2.0.0.beta.22)
    rubyforge (2.0.4)
      json_pure (>= 1.1.7)
    sdoc (0.2.20)
      json (>= 1.1.3)
      rdoc (= 2.4.3)
    sdoc-helpers (0.1.4)
      sdoc (~> 0.2)
    throttler (0.2.1)

PLATFORMS
  ruby

DEPENDENCIES
  bundler
  curb
  jeweler
  nokogiri
  rake
  rdiscount
  rspec (~> 2.0.0.beta.22)
  sdoc-helpers
  throttler
