PATH
  remote: .
  specs:
    sucker (1.0.0.beta.2)
      activesupport (>= 2.3.2)
      curb (~> 0.7.0)
      nokogiri (~> 1.4.0)

GEM
  remote: http://rubygems.org/
  specs:
    activesupport (3.0.1)
    addressable (2.2.2)
    crack (0.1.8)
    curb (0.7.8)
    diff-lcs (1.1.2)
    json (1.4.6)
    nokogiri (1.4.3.1)
    rake (0.8.7)
    rdiscount (1.6.5)
    rdoc (2.4.3)
    rspec (2.0.1)
      rspec-core (~> 2.0.1)
      rspec-expectations (~> 2.0.1)
      rspec-mocks (~> 2.0.1)
    rspec-core (2.0.1)
    rspec-expectations (2.0.1)
      diff-lcs (>= 1.1.2)
    rspec-mocks (2.0.1)
      rspec-core (~> 2.0.1)
      rspec-expectations (~> 2.0.1)
    sdoc (0.2.20)
      json (>= 1.1.3)
      rdoc (= 2.4.3)
    sdoc-helpers (0.1.4)
      sdoc (~> 0.2)
    throttler (0.2.1)
    vcr (1.2.0)
    webmock (1.4.0)
      addressable (>= 2.2.2)
      crack (>= 0.1.7)

PLATFORMS
  ruby

DEPENDENCIES
  activesupport (>= 2.3.2)
  curb (~> 0.7.0)
  nokogiri (~> 1.4.0)
  rake (~> 0.8.7)
  rdiscount (~> 1.6.5)
  rspec (~> 2.0.0)
  sdoc-helpers (~> 0.1.4)
  sucker!
  throttler (~> 0.2.1)
  vcr (~> 1.2.0)
  webmock (~> 1.4.0)
