PATH
  remote: .
  specs:
    sucker (1.1.3)
      activesupport (>= 2.3.2)
      curb (~> 0.7.0)
      nokogiri (~> 1.4.0)

GEM
  remote: http://rubygems.org/
  specs:
    activesupport (3.0.3)
    addressable (2.2.2)
    archive-tar-minitar (0.5.2)
    columnize (0.3.2)
    crack (0.1.8)
    curb (0.7.8)
    diff-lcs (1.1.2)
    json (1.4.6)
    linecache19 (0.5.11)
      ruby_core_source (>= 0.1.4)
    nokogiri (1.4.4)
    rdiscount (1.6.5)
    rdoc (2.4.3)
    rspec (2.3.0)
      rspec-core (~> 2.3.0)
      rspec-expectations (~> 2.3.0)
      rspec-mocks (~> 2.3.0)
    rspec-core (2.3.1)
    rspec-expectations (2.3.0)
      diff-lcs (~> 1.1.2)
    rspec-mocks (2.3.0)
    ruby-debug-base19 (0.11.24)
      columnize (>= 0.3.1)
      linecache19 (>= 0.5.11)
      ruby_core_source (>= 0.1.4)
    ruby-debug19 (0.11.6)
      columnize (>= 0.3.1)
      linecache19 (>= 0.5.11)
      ruby-debug-base19 (>= 0.11.19)
    ruby_core_source (0.1.4)
      archive-tar-minitar (>= 0.5.2)
    sdoc (0.2.20)
      json (>= 1.1.3)
      rdoc (= 2.4.3)
    sdoc-helpers (0.1.4)
      sdoc (~> 0.2)
    throttler (0.2.4)
    vcr (1.4.0)
    webmock (1.6.1)
      addressable (>= 2.2.2)
      crack (>= 0.1.7)

PLATFORMS
  ruby

DEPENDENCIES
  activesupport (>= 2.3.2)
  curb (~> 0.7.0)
  nokogiri (~> 1.4.0)
  rdiscount (~> 1.6.5)
  rspec (~> 2.3.0)
  ruby-debug19 (~> 0.11.0)
  sdoc-helpers (~> 0.1.4)
  sucker!
  throttler (~> 0.2.4)
  vcr (~> 1.4.0)
  webmock (~> 1.6.1)
